GEM
  remote: https://rubygems.org/
  specs:
    curses (1.2.4)

PLATFORMS
  ruby

DEPENDENCIES
  curses

RUBY VERSION
   ruby 2.5.1p57

BUNDLED WITH
   1.16.4
